PATH
  remote: .
  specs:
    shortcode (0.1.2)
      haml (~> 4.0)
      parslet (= 1.5.0)

GEM
  remote: https://rubygems.org/
  specs:
    appraisal (1.0.0.beta3)
      bundler
      rake
      thor (>= 0.14.0)
    blankslate (2.1.2.4)
    diff-lcs (1.2.4)
    haml (4.0.5)
      tilt
    parslet (1.5.0)
      blankslate (~> 2.0)
    rake (10.1.0)
    rspec (2.14.1)
      rspec-core (~> 2.14.0)
      rspec-expectations (~> 2.14.0)
      rspec-mocks (~> 2.14.0)
    rspec-core (2.14.4)
    rspec-expectations (2.14.0)
      diff-lcs (>= 1.1.3, < 2.0)
    rspec-mocks (2.14.1)
    thor (0.18.1)
    tilt (2.0.1)

PLATFORMS
  ruby

DEPENDENCIES
  appraisal (= 1.0.0.beta3)
  bundler (~> 1.3)
  rake
  rspec
  shortcode!
