PATH
  remote: .
  specs:
    shortcode (0.3.2)
      haml (~> 4.0)
      parslet (= 1.6.0)

GEM
  remote: https://rubygems.org/
  specs:
    appraisal (1.0.0.beta3)
      bundler
      rake
      thor (>= 0.14.0)
    blankslate (2.1.2.4)
    coveralls (0.7.0)
      multi_json (~> 1.3)
      rest-client
      simplecov (>= 0.7)
      term-ansicolor
      thor
    diff-lcs (1.2.4)
    docile (1.1.3)
    haml (4.0.5)
      tilt
    mime-types (2.2)
    multi_json (1.10.1)
    parslet (1.6.0)
      blankslate (~> 2.0)
    rake (10.1.0)
    rest-client (1.6.7)
      mime-types (>= 1.16)
    rspec (2.14.1)
      rspec-core (~> 2.14.0)
      rspec-expectations (~> 2.14.0)
      rspec-mocks (~> 2.14.0)
    rspec-core (2.14.4)
    rspec-expectations (2.14.0)
      diff-lcs (>= 1.1.3, < 2.0)
    rspec-mocks (2.14.1)
    simplecov (0.8.2)
      docile (~> 1.1.0)
      multi_json
      simplecov-html (~> 0.8.0)
    simplecov-html (0.8.0)
    slim (2.0.2)
      temple (~> 0.6.6)
      tilt (>= 1.3.3, < 2.1)
    temple (0.6.7)
    term-ansicolor (1.3.0)
      tins (~> 1.0)
    thor (0.18.1)
    tilt (2.0.1)
    tins (1.3.0)

PLATFORMS
  ruby

DEPENDENCIES
  appraisal (= 1.0.0.beta3)
  bundler (~> 1.3)
  coveralls
  rake
  rspec
  shortcode!
  slim (~> 2.0)
