PATH
  remote: .
  specs:
    shortcode (1.0.1)
      parslet (= 1.6.2)

GEM
  remote: https://rubygems.org/
  specs:
    appraisal (1.0.2)
      bundler
      rake
      thor (>= 0.14.0)
    blankslate (3.1.3)
    coveralls (0.7.3)
      multi_json (~> 1.10)
      rest-client (~> 1.7)
      simplecov (~> 0.9.1)
      term-ansicolor (~> 1.3)
      thor (~> 0.19.1)
    diff-lcs (1.2.5)
    docile (1.1.5)
    haml (4.0.6)
      tilt
    mime-types (2.4.3)
    multi_json (1.10.1)
    netrc (0.10.2)
    parslet (1.6.2)
      blankslate (>= 2.0, <= 4.0)
    rake (10.4.2)
    rest-client (1.7.2)
      mime-types (>= 1.16, < 3.0)
      netrc (~> 0.7)
    rspec (3.1.0)
      rspec-core (~> 3.1.0)
      rspec-expectations (~> 3.1.0)
      rspec-mocks (~> 3.1.0)
    rspec-core (3.1.7)
      rspec-support (~> 3.1.0)
    rspec-expectations (3.1.2)
      diff-lcs (>= 1.2.0, < 2.0)
      rspec-support (~> 3.1.0)
    rspec-mocks (3.1.3)
      rspec-support (~> 3.1.0)
    rspec-support (3.1.2)
    simplecov (0.9.1)
      docile (~> 1.1.0)
      multi_json (~> 1.0)
      simplecov-html (~> 0.8.0)
    simplecov-html (0.8.0)
    slim (3.0.1)
      temple (~> 0.7.3)
      tilt (>= 1.3.3, < 2.1)
    temple (0.7.5)
    term-ansicolor (1.3.0)
      tins (~> 1.0)
    thor (0.19.1)
    tilt (2.0.1)
    tins (1.3.3)

PLATFORMS
  ruby

DEPENDENCIES
  appraisal (= 1.0.2)
  bundler (~> 1.3)
  coveralls
  haml (~> 4.0)
  rake
  rspec (~> 3.1.0)
  shortcode!
  slim (~> 3.0)
