PATH
  remote: .
  specs:
    shortcode (1.0.0)
      parslet (= 1.6.0)

GEM
  remote: https://rubygems.org/
  specs:
    appraisal (1.0.0)
      bundler
      rake
      thor (>= 0.14.0)
    blankslate (2.1.2.4)
    coveralls (0.7.0)
      multi_json (~> 1.3)
      rest-client
      simplecov (>= 0.7)
      term-ansicolor
      thor
    diff-lcs (1.2.5)
    docile (1.1.3)
    haml (4.0.5)
      tilt
    mime-types (2.2)
    multi_json (1.10.1)
    parslet (1.6.0)
      blankslate (~> 2.0)
    rake (10.1.0)
    rest-client (1.6.7)
      mime-types (>= 1.16)
    rspec (3.0.0)
      rspec-core (~> 3.0.0)
      rspec-expectations (~> 3.0.0)
      rspec-mocks (~> 3.0.0)
    rspec-core (3.0.0)
      rspec-support (~> 3.0.0)
    rspec-expectations (3.0.0)
      diff-lcs (>= 1.2.0, < 2.0)
      rspec-support (~> 3.0.0)
    rspec-mocks (3.0.0)
      rspec-support (~> 3.0.0)
    rspec-support (3.0.0)
    simplecov (0.8.2)
      docile (~> 1.1.0)
      multi_json
      simplecov-html (~> 0.8.0)
    simplecov-html (0.8.0)
    slim (2.0.2)
      temple (~> 0.6.6)
      tilt (>= 1.3.3, < 2.1)
    temple (0.6.7)
    term-ansicolor (1.3.0)
      tins (~> 1.0)
    thor (0.18.1)
    tilt (2.0.1)
    tins (1.3.0)

PLATFORMS
  ruby

DEPENDENCIES
  appraisal (= 1.0.0)
  bundler (~> 1.3)
  coveralls
  haml (~> 4.0)
  rake
  rspec (~> 3.0.0)
  shortcode!
  slim (~> 2.0)
